GEM
  remote: http://rubygems.org/
  specs:
    cgi_multipart_eof_fix (2.5.0)
    chronic (0.3.0)
    daemons (1.1.0)
    diff-lcs (1.1.2)
    echoe (4.3.1)
      gemcutter
      rubyforge
    eventmachine (0.12.10)
    fastthread (1.0.7)
    gem_plugin (0.2.3)
    gemcutter (0.6.1)
    geoip (0.9.0)
    highline (1.6.1)
    hoe (2.9.1)
      rake (>= 0.8.7)
    json (1.5.1)
    json_pure (1.5.1)
    macaddr (1.0.0)
    mime-types (1.16)
    mongrel (1.1.5)
      cgi_multipart_eof_fix (>= 2.4)
      daemons (>= 1.0.3)
      fastthread (>= 1.0.1)
      gem_plugin (>= 0.2.3)
    mysql (2.8.1)
    net-scp (1.0.4)
      net-ssh (>= 1.99.1)
    net-ssh (2.1.0)
    oauth (0.4.4)
    rack (1.0.1)
    rake (0.8.7)
    rdiscount (1.3.1.1)
    ruby-hmac (0.4.0)
    ruby-openid (2.1.8)
    ruby-yadis (0.3.4)
    rubyforge (2.0.4)
      json_pure (>= 1.1.7)
    stomp (1.1)
    thin (1.2.7)
      daemons (>= 1.0.9)
      eventmachine (>= 0.12.6)
      rack (>= 1.0.0)
    uuid (2.3.1)
      macaddr (~> 1.0)

PLATFORMS
  ruby

DEPENDENCIES
  chronic
  diff-lcs
  echoe
  gem_plugin
  geoip
  highline
  hoe
  json
  mime-types
  mongrel
  mysql
  net-scp
  oauth
  rack (>= 1.0, < 1.1)
  rdiscount (= 1.3.1.1)
  ruby-hmac
  ruby-openid
  ruby-yadis
  stomp (= 1.1)
  thin
  uuid
