GEM
  remote: http://rubygems.org/
  specs:
    addressable (2.3.6)
    dotenv (1.0.2)
    excon (0.43.0)
    foreman (0.77.0)
      dotenv (~> 1.0.2)
      thor (~> 0.19.1)
    heroku (3.23.3)
      heroku-api (~> 0.3.19)
      launchy (>= 0.3.2)
      multi_json (~> 1.10.1)
      netrc (>= 0.10.0)
      rest-client (= 1.6.7)
      rubyzip (= 0.9.9)
    heroku-api (0.3.22)
      excon (~> 0.38)
      multi_json (~> 1.8)
    launchy (2.4.3)
      addressable (~> 2.3)
    mime-types (2.4.3)
    multi_json (1.10.1)
    netrc (0.10.2)
    rest-client (1.6.7)
      mime-types (>= 1.16)
    rubyzip (0.9.9)
    thor (0.19.1)

PLATFORMS
  ruby

DEPENDENCIES
  foreman (= 0.77.0)
  heroku (= 3.23.3)
