GEM
  remote: http://rubygems.org/
  specs:
    addressable (2.3.6)
    dotenv (0.7.0)
    excon (0.32.1)
    foreman (0.63.0)
      dotenv (>= 0.7)
      thor (>= 0.13.6)
    heroku (3.6.0)
      heroku-api (~> 0.3.17)
      launchy (>= 0.3.2)
      netrc (~> 0.7.7)
      rest-client (~> 1.6.1)
      rubyzip
    heroku-api (0.3.18)
      excon (~> 0.27)
      multi_json (~> 1.8)
    launchy (2.4.2)
      addressable (~> 2.3)
    mime-types (2.2)
    multi_json (1.9.2)
    netrc (0.7.7)
    rest-client (1.6.7)
      mime-types (>= 1.16)
    rubyzip (1.1.2)
    thor (0.18.1)

PLATFORMS
  ruby

DEPENDENCIES
  foreman (= 0.63.0)
  heroku (= 3.6.0)
